GEM
  remote: http://rubygems.org/
  specs:
    addressable (2.2.7)
    amq-client (0.9.2)
      amq-protocol (>= 0.9.0)
      eventmachine
    amq-protocol (0.9.0)
    amqp (0.9.4)
      amq-client (~> 0.9.2)
      amq-protocol (>= 0.9.0)
      eventmachine
    async-rack (0.5.1)
      rack (~> 1.1)
    bluecloth (2.2.0)
    bson (1.6.1)
    cookiejar (0.3.0)
    diff-lcs (1.1.3)
    em-http-request (1.0.2)
      addressable (>= 2.2.3)
      cookiejar
      em-socksify
      eventmachine (>= 1.0.0.beta.4)
      http_parser.rb (>= 0.5.3)
    em-mongo (0.4.2)
      bson (>= 1.1.3)
      eventmachine (>= 0.12.10)
    em-socksify (0.1.0)
      eventmachine
    em-synchrony (1.0.0)
      eventmachine (>= 1.0.0.beta.1)
    em-websocket (0.3.6)
      addressable (>= 2.1.1)
      eventmachine (>= 0.12.9)
    em-websocket-client (0.1.1)
      eventmachine
      libwebsocket
    eventmachine (1.0.0.beta.4)
    guard (0.8.8)
      thor (~> 0.14.6)
    guard-rspec (0.5.11)
      guard (>= 0.8.4)
    guard-stitch (0.0.3)
      guard (>= 0.4)
      stitch-rb (~> 0.0.4)
    haml (3.1.4)
    http_parser.rb (0.5.3)
    http_router (0.9.7)
      rack (>= 1.0.0)
      url_mount (~> 0.2.1)
    jsmin (1.0.1)
    libwebsocket (0.1.3)
      addressable
    log4r (1.1.10)
    multi_json (1.1.0)
    multipart_body (0.2.1)
    nokogiri (1.5.2)
    rack (1.4.1)
    rack-accept-media-types (0.9)
    rack-contrib (1.1.0)
      rack (>= 0.9.1)
    rack-pack (0.3.2)
      rack (~> 1.2)
    rack-respond_to (0.9.8)
      rack-accept-media-types (>= 0.6)
    rack-rewrite (1.2.1)
    rake (0.9.2.2)
    rspec (2.9.0)
      rspec-core (~> 2.9.0)
      rspec-expectations (~> 2.9.0)
      rspec-mocks (~> 2.9.0)
    rspec-core (2.9.0)
    rspec-expectations (2.9.0)
      diff-lcs (~> 1.1.3)
    rspec-mocks (2.9.0)
    stitch-rb (0.0.8)
    thor (0.14.6)
    tilt (1.3.3)
    url_mount (0.2.1)
      rack
    yajl-ruby (1.1.0)
    yard (0.7.5)

PLATFORMS
  ruby

DEPENDENCIES
  amqp (>= 0.7.1)
  async-rack
  bluecloth
  em-http-request (>= 1.0.0)
  em-mongo (~> 0.4.0)
  em-synchrony (>= 1.0.0)
  em-websocket
  em-websocket-client
  eventmachine (>= 1.0.0.beta.3)
  guard (~> 0.8.8)
  guard-rspec (~> 0.5.9)
  guard-stitch (~> 0.0.3)
  haml (>= 3.0.25)
  http_parser.rb (~> 0.5.3)
  http_router (~> 0.9.0)
  jsmin (~> 1.0.1)
  log4r
  multi_json
  multipart_body
  nokogiri
  rack (>= 1.2.2)
  rack-contrib
  rack-pack (~> 0.3.2)
  rack-respond_to
  rack-rewrite
  rake (>= 0.8.7)
  rspec (> 2.0)
  stitch-rb (~> 0.0.8)
  tilt (>= 1.2.2)
  yajl-ruby
  yard
